GEM
  remote: https://rubygems.org/
  specs:
    sqlite3 (1.4.4)

PLATFORMS
  ruby

DEPENDENCIES
  sqlite3 (~> 1.4, >= 1.4.4)

BUNDLED WITH
   2.1.4
